GEM
  remote: http://rubygems.org/
  specs:
    jsmin (1.0.1)

PLATFORMS
  ruby

DEPENDENCIES
  jsmin
